PATH
  remote: ~/git/github.com/Falkor/falkorlib
  specs:
    falkorlib (0.3.13)
      awesome_print (~> 1.2)
      configatron (~> 3.2)
      diffy (>= 3.0)
      git_remote_branch (~> 0)
      json (~> 1.8)
      license-generator (~> 0)
      minigit (~> 0)
      rake (~> 10.1, >= 10.1.0)
      term-ansicolor (~> 1.3)

GEM
  remote: https://rubygems.org/
  specs:
    awesome_print (1.2.0)
    configatron (3.2.0)
    diffy (3.0.7)
    git_remote_branch (0.3.8)
    json (1.8.1)
    license-generator (0.4.1)
      thor
    minigit (0.0.4)
    rake (10.4.2)
    term-ansicolor (1.3.0)
      tins (~> 1.0)
    thor (0.19.1)
    tins (1.3.3)

PLATFORMS
  ruby

DEPENDENCIES
  falkorlib!
