GEM
  remote: https://rubygems.org/
  specs:
    awesome_print (1.6.1)
    configatron (3.2.0)
    deep_merge (1.0.1)
    diffy (3.0.7)
    falkorlib (0.4.1)
      awesome_print (~> 1.2)
      configatron (~> 3.2)
      deep_merge (~> 1.0.1)
      diffy (>= 3.0)
      git_remote_branch (~> 0)
      json (~> 1.8)
      license-generator (~> 0)
      logger (>= 1.2.8)
      minigit (~> 0)
      rake (~> 10.1, >= 10.1.0)
      term-ansicolor (~> 1.3)
      thor (>= 0.19)
    git_remote_branch (0.3.8)
    json (1.8.2)
    license-generator (0.4.1)
      thor
    logger (1.2.8)
    minigit (0.0.4)
    rake (10.4.2)
    term-ansicolor (1.3.0)
      tins (~> 1.0)
    thor (0.19.1)
    tins (1.3.4)

PLATFORMS
  ruby

DEPENDENCIES
  falkorlib
